PATH
  remote: .
  specs:
    get_map_tiles (0.1.0)
      aws-sdk-s3 (~> 1)
      dotenv
      down (~> 5.0)
      nokogiri

GEM
  remote: https://rubygems.org/
  specs:
    addressable (2.8.1)
      public_suffix (>= 2.0.2, < 6.0)
    aws-eventstream (1.2.0)
    aws-partitions (1.690.0)
    aws-sdk-core (3.168.4)
      aws-eventstream (~> 1, >= 1.0.2)
      aws-partitions (~> 1, >= 1.651.0)
      aws-sigv4 (~> 1.5)
      jmespath (~> 1, >= 1.6.1)
    aws-sdk-kms (1.61.0)
      aws-sdk-core (~> 3, >= 3.165.0)
      aws-sigv4 (~> 1.1)
    aws-sdk-s3 (1.117.2)
      aws-sdk-core (~> 3, >= 3.165.0)
      aws-sdk-kms (~> 1)
      aws-sigv4 (~> 1.4)
    aws-sigv4 (1.5.2)
      aws-eventstream (~> 1, >= 1.0.2)
    dotenv (2.8.1)
    down (5.4.0)
      addressable (~> 2.8)
    jmespath (1.6.2)
    minitest (5.17.0)
    nokogiri (1.13.10-arm64-darwin)
      racc (~> 1.4)
    public_suffix (5.0.1)
    racc (1.6.2)
    rake (13.0.6)

PLATFORMS
  arm64-darwin-21

DEPENDENCIES
  get_map_tiles!
  minitest (~> 5.0)
  rake (~> 13.0)

BUNDLED WITH
   2.2.3
